GEM
  remote: http://rubygems.org/
  specs:
    pg (0.18.2-x86-mingw32)

PLATFORMS
  x86-mingw32

DEPENDENCIES
  pg (~> 0.18.2)
